GEM
  remote: https://rubygems.org/
  specs:
    activemodel (3.2.15)
      activesupport (= 3.2.15)
      builder (~> 3.0.0)
    activerecord (3.2.15)
      activemodel (= 3.2.15)
      activesupport (= 3.2.15)
      arel (~> 3.0.2)
      tzinfo (~> 0.3.29)
    activerecord-import (0.4.1)
      activerecord (>= 3.0)
    activesupport (3.2.15)
      i18n (~> 0.6, >= 0.6.4)
      multi_json (~> 1.0)
    arel (3.0.2)
    builder (3.0.4)
    coderay (1.0.9)
    i18n (0.6.5)
    method_source (0.8.2)
    multi_json (1.8.2)
    perftools.rb (2.0.1)
    pg (0.17.0)
    pry (0.9.12.2)
      coderay (~> 1.0.5)
      method_source (~> 0.8)
      slop (~> 3.4)
    ruby-prof (0.13.0)
    simple-tracer (0.2)
    slop (3.4.6)
    term-ansicolor (1.2.2)
      tins (~> 0.8)
    tins (0.12.0)
    tzinfo (0.3.38)

PLATFORMS
  ruby

DEPENDENCIES
  activerecord (~> 3.2)
  activerecord-import (~> 0.3)
  perftools.rb
  pg
  pry
  ruby-prof
  simple-tracer
  term-ansicolor
